GEM
  remote: https://rubygems.org/
  specs:
    chunky_png (1.2.8)
    compass (0.12.2)
      chunky_png (~> 1.2)
      fssm (>= 0.2.7)
      sass (~> 3.1)
    fssm (0.2.10)
      sass (>= 3.2.8)
    sass (3.2.10)
    zurb-foundation (4.1.1)
      sass (>= 3.2.0)

PLATFORMS
  ruby
  x86-mingw32

DEPENDENCIES
  compass (= 0.12.2)
  zurb-foundation (= 4.1.1)
